GEM
  remote: https://rubygems.org/
  specs:
    colored (1.2)
    colorize (0.5.8)
    cri (2.3.0)
      colored (>= 1.2)
    haml (3.1.7)
    kramdown (0.14.0)
    mime-types (1.19)
    nanoc (3.4.1)
      cri (~> 2.2)
    rack (1.4.1)

PLATFORMS
  java
  ruby

DEPENDENCIES
  colorize
  haml
  kramdown
  mime-types
  nanoc
  rack
